PATH
  remote: .
  specs:
    oauth (0.4.7)
    omniauth-copy (0.1.0)
      omniauth (~> 1.0)
      omniauth-oauth (~> 1.0.1)
    omniauth-oauth (1.0.1)
      oauth
      omniauth (~> 1.0)

GEM
  remote: http://rubygems.org/
  specs:
    addressable (2.3.4)
    coderay (1.0.9)
    crack (0.3.2)
    diff-lcs (1.2.4)
    ffi (1.8.1)
    formatador (0.2.4)
    growl (1.0.3)
    guard (1.8.0)
      formatador (>= 0.2.4)
      listen (>= 1.0.0)
      lumberjack (>= 1.0.2)
      pry (>= 0.9.10)
      thor (>= 0.14.6)
    guard-bundler (1.0.0)
      bundler (~> 1.0)
      guard (~> 1.1)
    guard-rspec (2.6.0)
      guard (>= 1.8)
      rspec (~> 2.13)
    hashie (2.0.4)
    listen (1.0.3)
      rb-fsevent (>= 0.9.3)
      rb-inotify (>= 0.9)
      rb-kqueue (>= 0.2)
    lumberjack (1.0.3)
    method_source (0.8.1)
    multi_json (1.7.2)
    omniauth (1.1.4)
      hashie (>= 1.2, < 3)
      rack
    pry (0.9.12.1)
      coderay (~> 1.0.5)
      method_source (~> 0.8)
      slop (~> 3.4)
    rack (1.5.2)
    rack-test (0.6.2)
      rack (>= 1.0)
    rb-fsevent (0.9.3)
    rb-inotify (0.9.0)
      ffi (>= 0.5.0)
    rb-kqueue (0.2.0)
      ffi (>= 0.5.0)
    rspec (2.13.0)
      rspec-core (~> 2.13.0)
      rspec-expectations (~> 2.13.0)
      rspec-mocks (~> 2.13.0)
    rspec-core (2.13.1)
    rspec-expectations (2.13.0)
      diff-lcs (>= 1.1.3, < 2.0)
    rspec-mocks (2.13.1)
    simplecov (0.7.1)
      multi_json (~> 1.0)
      simplecov-html (~> 0.7.1)
    simplecov-html (0.7.1)
    slop (3.4.4)
    thor (0.18.1)
    webmock (1.11.0)
      addressable (>= 2.2.7)
      crack (>= 0.3.2)

PLATFORMS
  ruby

DEPENDENCIES
  growl
  guard
  guard-bundler
  guard-rspec
  omniauth-copy!
  rack-test
  rb-fsevent
  rspec (~> 2.7)
  simplecov
  webmock
